GEM
  remote: http://rubygems.org/
  specs:
    chunky_png (1.2.1)
    coffee-script (2.2.0)
      coffee-script-source
      execjs
    coffee-script-source (1.1.2)
    compass (0.11.5)
      chunky_png (~> 1.2)
      fssm (>= 0.2.7)
      sass (~> 3.1)
    execjs (1.2.4)
      multi_json (~> 1.0)
    fssm (0.2.7)
    haml (3.1.2)
    html5-boilerplate (1.0.0)
      compass (>= 0.11.1)
    libv8 (3.3.10.2)
    multi_json (1.0.3)
    rack (1.2.3)
    sass (3.1.7)
    sinatra (1.2.6)
      rack (~> 1.1)
      tilt (< 2.0, >= 1.2.2)
    therubyracer (0.9.4)
      libv8 (~> 3.3.10)
    tilt (1.3.3)

PLATFORMS
  ruby

DEPENDENCIES
  coffee-script
  compass
  execjs
  haml
  html5-boilerplate
  sinatra
  therubyracer
